GEM
  remote: https://rubygems.org/
  specs:
    haml (4.0.5)
      tilt
    i18n (0.6.11)
    tilt (2.0.1)

PLATFORMS
  ruby

DEPENDENCIES
  haml
  i18n
